GEM
  remote: https://rubygems.org/
  specs:
    haml (4.0.6)
      tilt
    hike (1.2.3)
    multi_json (1.10.1)
    rack (1.6.0)
    rack-protection (1.5.3)
      rack
    sass (3.4.10)
    sinatra (1.4.5)
      rack (~> 1.4)
      rack-protection (~> 1.4)
      tilt (~> 1.3, >= 1.3.4)
    sprockets (2.12.3)
      hike (~> 1.2)
      multi_json (~> 1.0)
      rack (~> 1.0)
      tilt (~> 1.1, != 1.3.0)
    sprockets-bowerrc (1.0.0)
      sprockets (~> 2.12)
    tilt (1.4.1)

PLATFORMS
  ruby

DEPENDENCIES
  haml (~> 4.0.0)
  sass (~> 3.4.1)
  sinatra (~> 1.4.5)
  sprockets (~> 2.12.0)
  sprockets-bowerrc (~> 1.0.0)
